GEM
  remote: https://rubygems.org/
  specs:
    activesupport (4.2.4)
      i18n (~> 0.7)
      json (~> 1.7, >= 1.7.7)
      minitest (~> 5.1)
      thread_safe (~> 0.3, >= 0.3.4)
      tzinfo (~> 1.1)
    addressable (2.3.8)
    axiom-types (0.1.1)
      descendants_tracker (~> 0.0.4)
      ice_nine (~> 0.11.0)
      thread_safe (~> 0.3, >= 0.3.1)
    birch (0.0.8)
    builder (3.2.2)
    calyx (0.4.1)
    coercible (1.0.0)
      descendants_tracker (~> 0.0.1)
    descendants_tracker (0.0.4)
      thread_safe (~> 0.3, >= 0.3.1)
    domain_name (0.5.25)
      unf (>= 0.0.5, < 1.0.0)
    engtagger (0.2.0)
    epitome (0.3.1)
      scalpel
      stopwords-filter
    equalizer (0.0.11)
    expression_parser (0.9.0)
    faraday (0.9.2)
      multipart-post (>= 1.2, < 3)
    geonames_api (0.1.6)
      activesupport
      rubyzip
      tzinfo
    htmlentities (4.3.4)
    http-cookie (1.0.2)
      domain_name (~> 0.5)
    i18n (0.7.0)
    ice_nine (0.11.1)
    inflecto (0.0.2)
    json (1.8.3)
    mime-types (1.25.1)
    mini_portile (0.6.2)
    minitest (5.8.2)
    multipart-post (2.0.0)
    netrc (0.11.0)
    nokogiri (1.6.6.2)
      mini_portile (~> 0.6.0)
    octokit (4.1.1)
      sawyer (~> 0.6.0, >= 0.5.3)
    progressbar (0.21.0)
    rake (10.4.2)
    rest-client (1.8.0)
      http-cookie (>= 1.0.2, < 2.0)
      mime-types (>= 1.16, < 3.0)
      netrc (~> 0.7)
    rubyzip (0.9.9)
    sawyer (0.6.0)
      addressable (~> 2.3.5)
      faraday (~> 0.8, < 0.10)
    scalpel (0.2.1)
    schiphol (1.0.1)
      progressbar (>= 0.10.0)
      rubyzip (~> 0.9.9)
    stopwords-filter (0.3.1)
    tactful_tokenizer (0.0.5)
    thread_safe (0.3.5)
    treat (2.1.0)
      birch
      schiphol
      yomu
    twitter-text (1.13.0)
      unf (~> 0.1.0)
    tzinfo (1.2.2)
      thread_safe (~> 0.1)
    unf (0.1.4)
      unf_ext
    unf_ext (0.0.7.1)
    virtus (1.0.5)
      axiom-types (~> 0.1)
      coercible (~> 1.0)
      descendants_tracker (~> 0.0, >= 0.0.3)
      equalizer (~> 0.0, >= 0.0.9)
    wikicloth (0.8.3)
      builder
      expression_parser
      htmlentities
      nokogiri
      twitter-text
    wikipedia-client (1.5.0)
    yomu (0.2.2)
      json (~> 1.8)
      mime-types (~> 1.23)

PLATFORMS
  ruby

DEPENDENCIES
  calyx
  engtagger
  epitome
  geonames_api
  inflecto
  octokit
  rake
  rest-client
  tactful_tokenizer
  treat
  virtus
  wikicloth
  wikipedia-client

BUNDLED WITH
   1.10.6
